GEM
  remote: https://rubygems.org/
  specs:
    date (3.2.0)
    multi_xml (0.6.0)
    nokogiri (1.12.5-x86_64-linux)
      racc (~> 1.4)
    open-uri (0.2.0)
      stringio
      time
      uri
    racc (1.6.0)
    stringio (3.0.1)
    time (0.2.0)
      date
    uri (0.11.0)

PLATFORMS
  x86_64-linux

DEPENDENCIES
  multi_xml
  nokogiri
  open-uri

BUNDLED WITH
   2.2.30
